GEM
  remote: http://rubygems.org/
  specs:
    bouncy-castle-java (1.5.0146.1)
    hoe (3.0.7)
      rake (~> 0.8)
    jruby-openssl (0.7.7)
      bouncy-castle-java (>= 1.5.0146.1)
    json (1.7.4)
    json (1.7.4-java)
    rack (1.4.1)
    rake (0.9.2.2)
    rake-compiler (0.8.1)
      rake
    rdoc (3.12)
      json (~> 1.4)

PLATFORMS
  java
  ruby

DEPENDENCIES
  hoe
  jruby-openssl
  rack
  rake-compiler
  rdoc
